PATH
  remote: .
  specs:
    twisted-caldav (0.0.1)
      builder (~> 3.x)
      fakeweb (~> 1.x)
      icalendar (~> 2.x)
      net-http-digest_auth (~> 1.x)
      rake (~> 13.0)
      rspec (~> 3.x)
      uuid (~> 2.x)

GEM
  specs:
    builder (3.2.4)
    diff-lcs (1.4.4)
    fakeweb (1.3.0)
    icalendar (2.7.0)
      ice_cube (~> 0.16)
    ice_cube (0.16.3)
    macaddr (1.7.2)
      systemu (~> 2.6.5)
    net-http-digest_auth (1.4.1)
    rake (13.0.1)
    rspec (3.10.0)
      rspec-core (~> 3.10.0)
      rspec-expectations (~> 3.10.0)
      rspec-mocks (~> 3.10.0)
    rspec-core (3.10.0)
      rspec-support (~> 3.10.0)
    rspec-expectations (3.10.0)
      diff-lcs (>= 1.2.0, < 2.0)
      rspec-support (~> 3.10.0)
    rspec-mocks (3.10.0)
      diff-lcs (>= 1.2.0, < 2.0)
      rspec-support (~> 3.10.0)
    rspec-support (3.10.0)
    systemu (2.6.5)
    uuid (2.3.9)
      macaddr (~> 1.0)

PLATFORMS
  ruby

DEPENDENCIES
  bundler (~> 2.0)
  twisted-caldav!

BUNDLED WITH
   2.2.4
