PATH
  remote: .
  specs:
    twisted-caldav (0.0.0.3)
      builder (~> 3.x)
      fakeweb (~> 1.x)
      icalendar (~> 1.x)
      net-http-digest_auth (~> 1.x)
      rake (~> 12.0)
      rspec (~> 3.x)
      uuid (~> 2.x)

GEM
  specs:
    builder (3.2.4)
    diff-lcs (1.3)
    fakeweb (1.3.0)
    icalendar (1.5.4)
    macaddr (1.7.2)
      systemu (~> 2.6.5)
    net-http-digest_auth (1.4.1)
    rake (12.3.3)
    rspec (3.9.0)
      rspec-core (~> 3.9.0)
      rspec-expectations (~> 3.9.0)
      rspec-mocks (~> 3.9.0)
    rspec-core (3.9.1)
      rspec-support (~> 3.9.1)
    rspec-expectations (3.9.1)
      diff-lcs (>= 1.2.0, < 2.0)
      rspec-support (~> 3.9.0)
    rspec-mocks (3.9.1)
      diff-lcs (>= 1.2.0, < 2.0)
      rspec-support (~> 3.9.0)
    rspec-support (3.9.2)
    systemu (2.6.5)
    uuid (2.3.9)
      macaddr (~> 1.0)

PLATFORMS
  ruby

DEPENDENCIES
  bundler (~> 2.0)
  twisted-caldav!

BUNDLED WITH
   2.1.4
